GEM
  remote: http://rubygems.org/
  specs:
    test-unit (2.5.2)

PLATFORMS
  x86-mingw32

DEPENDENCIES
  test-unit (= 2.5.2)
